GEM
  remote: https://rubygems.org/
  specs:
    activesupport (5.2.2)
      concurrent-ruby (~> 1.0, >= 1.0.2)
      i18n (>= 0.7, < 2)
      minitest (~> 5.1)
      tzinfo (~> 1.1)
    addressable (2.5.2)
      public_suffix (>= 2.0.2, < 4.0)
    ast (2.4.0)
    awesome_print (1.8.0)
    concurrent-ruby (1.1.4)
    dotenv (2.5.0)
    faraday (0.15.4)
      multipart-post (>= 1.2, < 3)
    graphql (1.8.11)
    graphql-client (0.14.0)
      activesupport (>= 3.0, < 6.0)
      graphql (~> 1.6)
    i18n (1.2.0)
      concurrent-ruby (~> 1.0)
    jaro_winkler (1.5.1)
    jwt (2.1.0)
    minitest (5.11.3)
    multipart-post (2.0.0)
    mustermann (1.0.3)
    octokit (4.13.0)
      sawyer (~> 0.8.0, >= 0.5.3)
    parallel (1.12.1)
    parser (2.5.3.0)
      ast (~> 2.4.0)
    powerpack (0.1.2)
    public_suffix (3.0.3)
    rack (2.0.6)
    rack-protection (2.0.4)
      rack
    rainbow (3.0.0)
    rubocop (0.61.1)
      jaro_winkler (~> 1.5.1)
      parallel (~> 1.10)
      parser (>= 2.5, != 2.5.1.1)
      powerpack (~> 0.1)
      rainbow (>= 2.2.2, < 4.0)
      ruby-progressbar (~> 1.7)
      unicode-display_width (~> 1.4.0)
    ruby-progressbar (1.10.0)
    sawyer (0.8.1)
      addressable (>= 2.3.5, < 2.6)
      faraday (~> 0.8, < 1.0)
    sinatra (2.0.4)
      mustermann (~> 1.0)
      rack (~> 2.0)
      rack-protection (= 2.0.4)
      tilt (~> 2.0)
    thread_safe (0.3.6)
    tilt (2.0.9)
    tzinfo (1.2.5)
      thread_safe (~> 0.1)
    unicode-display_width (1.4.0)

PLATFORMS
  ruby

DEPENDENCIES
  awesome_print
  dotenv
  graphql-client
  jwt (~> 2.1)
  octokit (~> 4.0)
  rubocop
  sinatra (~> 2.0)

BUNDLED WITH
   1.16.6
